GEM
  remote: https://rubygems.org/
  specs:
    backports (3.23.0)
    cgi (0.3.2)
    erb (2.2.3)
      cgi
    ffi (1.15.5)
    json (2.6.2)
    multi_json (1.15.0)
    nio4r (2.5.8)
    puma (5.6.4)
      nio4r (~> 2.0)
    rack (1.5.5)
    rack-protection (1.5.5)
      rack
    rack-test (1.1.0)
      rack (>= 1.0, < 3)
    rb-fsevent (0.11.1)
    rb-inotify (0.10.1)
      ffi (~> 1.0)
    sass (3.7.4)
      sass-listen (~> 4.0.0)
    sass-listen (4.0.0)
      rb-fsevent (~> 0.9, >= 0.9.4)
      rb-inotify (~> 0.9, >= 0.9.7)
    sinatra (1.4.8)
      rack (~> 1.5)
      rack-protection (~> 1.4)
      tilt (>= 1.3, < 3)
    sinatra-contrib (1.4.7)
      backports (>= 2.0)
      multi_json
      rack-protection
      rack-test
      sinatra (~> 1.4.0)
      tilt (>= 1.3, < 3)
    tilt (2.0.10)
    yaml (0.2.0)

PLATFORMS
  universal-darwin-21

DEPENDENCIES
  erb
  json
  puma
  rack (~> 1.5.1)
  sass
  sinatra
  sinatra-contrib
  yaml

BUNDLED WITH
   2.3.14
