GEM
  remote: https://rubygems.org/
  specs:
    backports (3.23.0)
    cgi (0.3.6)
    erb (4.0.2)
      cgi (>= 0.3.3)
    ffi (1.15.5)
    json (2.6.3)
    multi_json (1.15.0)
    nio4r (2.5.8)
    puma (6.1.0)
      nio4r (~> 2.0)
    rack (1.5.5)
    rack-protection (1.5.5)
      rack
    rack-test (2.0.2)
      rack (>= 1.3)
    rb-fsevent (0.11.2)
    rb-inotify (0.10.1)
      ffi (~> 1.0)
    sass (3.7.4)
      sass-listen (~> 4.0.0)
    sass-listen (4.0.0)
      rb-fsevent (~> 0.9, >= 0.9.4)
      rb-inotify (~> 0.9, >= 0.9.7)
    sinatra (1.4.8)
      rack (~> 1.5)
      rack-protection (~> 1.4)
      tilt (>= 1.3, < 3)
    sinatra-contrib (1.4.7)
      backports (>= 2.0)
      multi_json
      rack-protection
      rack-test
      sinatra (~> 1.4.0)
      tilt (>= 1.3, < 3)
    tilt (2.0.11)
    yaml (0.2.1)

PLATFORMS
  arm64-darwin-21
  ruby
  x86_64-linux

DEPENDENCIES
  erb
  json
  puma
  rack (~> 1.5.1)
  sass
  sinatra
  sinatra-contrib
  yaml

BUNDLED WITH
   2.4.2
