GEM
  remote: https://rubygems.org/
  specs:
    cgi (0.3.1)
    erb (2.2.3)
      cgi
    ffi (1.15.4-x86-mingw32)
    json (2.6.1)
    multi_json (1.15.0)
    mustermann (1.1.1)
      ruby2_keywords (~> 0.0.1)
    nio4r (2.5.8)
    puma (5.5.2)
      nio4r (~> 2.0)
    rack (2.2.3)
    rack-protection (2.1.0)
      rack
    rb-fsevent (0.11.0)
    rb-inotify (0.10.1)
      ffi (~> 1.0)
    ruby2_keywords (0.0.5)
    sass (3.7.4)
      sass-listen (~> 4.0.0)
    sass-listen (4.0.0)
      rb-fsevent (~> 0.9, >= 0.9.4)
      rb-inotify (~> 0.9, >= 0.9.7)
    sinatra (2.1.0)
      mustermann (~> 1.0)
      rack (~> 2.2)
      rack-protection (= 2.1.0)
      tilt (~> 2.0)
    sinatra-contrib (2.1.0)
      multi_json
      mustermann (~> 1.0)
      rack-protection (= 2.1.0)
      sinatra (= 2.1.0)
      tilt (~> 2.0)
    tilt (2.0.10)
    yaml (0.2.0)

PLATFORMS
  x86-mingw32

DEPENDENCIES
  erb (>= 2.2.3)
  json (= 2.6.1)
  puma
  rack
  sass (= 3.7.4)
  sinatra (= 2.1.0)
  sinatra-contrib (= 2.1.0)
  yaml

BUNDLED WITH
   2.2.31
